GEM
  remote: https://rubygems.org/
  specs:
    activesupport (5.2.4.3)
      concurrent-ruby (~> 1.0, >= 1.0.2)
      i18n (>= 0.7, < 2)
      minitest (~> 5.1)
      tzinfo (~> 1.1)
    addressable (2.7.0)
      public_suffix (>= 2.0.2, < 5.0)
    backports (3.17.2)
    colorator (1.1.0)
    colorize (0.8.1)
    concurrent-ruby (1.1.6)
    em-websocket (0.5.1)
      eventmachine (>= 0.12.9)
      http_parser.rb (~> 0.6.0)
    ethon (0.12.0)
      ffi (>= 1.3.0)
    eventmachine (1.2.7)
    faraday (0.17.3)
      multipart-post (>= 1.2, < 3)
    faraday_middleware (0.14.0)
      faraday (>= 0.7.4, < 1.0)
    ffi (1.12.2)
    forwardable-extended (2.6.0)
    gemoji (3.0.1)
    gh (0.16.0)
      activesupport (~> 5.0)
      addressable (~> 2.4)
      faraday (~> 0.8)
      faraday_middleware (~> 0.14)
      multi_json (~> 1.0)
      net-http-persistent (~> 2.9)
      net-http-pipeline
    highline (1.7.10)
    html-pipeline (2.12.3)
      activesupport (>= 2)
      nokogiri (>= 1.4)
    html-proofer (3.7.6)
      activesupport (>= 4.2, < 6.0)
      addressable (~> 2.3)
      colorize (~> 0.8)
      mercenary (~> 0.3.2)
      nokogiri (~> 1.8.1)
      parallel (~> 1.3)
      typhoeus (~> 0.7)
      yell (~> 2.0)
    http_parser.rb (0.6.0)
    i18n (0.9.5)
      concurrent-ruby (~> 1.0)
    jekyll (3.8.7)
      addressable (~> 2.4)
      colorator (~> 1.0)
      em-websocket (~> 0.5)
      i18n (~> 0.7)
      jekyll-sass-converter (~> 1.0)
      jekyll-watch (~> 2.0)
      kramdown (~> 1.14)
      liquid (~> 4.0)
      mercenary (~> 0.3.3)
      pathutil (~> 0.9)
      rouge (>= 1.7, < 4)
      safe_yaml (~> 1.0)
    jekyll-feed (0.13.0)
      jekyll (>= 3.7, < 5.0)
    jekyll-gist (1.5.0)
      octokit (~> 4.2)
    jekyll-include-cache (0.2.0)
      jekyll (>= 3.7, < 5.0)
    jekyll-paginate (1.1.0)
    jekyll-sass-converter (1.5.2)
      sass (~> 3.4)
    jekyll-seo-tag (2.6.1)
      jekyll (>= 3.3, < 5.0)
    jekyll-sitemap (1.4.0)
      jekyll (>= 3.7, < 5.0)
    jekyll-watch (2.2.1)
      listen (~> 3.0)
    jemoji (0.12.0)
      gemoji (~> 3.0)
      html-pipeline (~> 2.2)
      jekyll (>= 3.0, < 5.0)
    json (2.3.0)
    kramdown (1.17.0)
    launchy (2.5.0)
      addressable (~> 2.7)
    liquid (4.0.3)
    listen (3.2.1)
      rb-fsevent (~> 0.10, >= 0.10.3)
      rb-inotify (~> 0.9, >= 0.9.10)
    mercenary (0.3.6)
    mini_portile2 (2.3.0)
    minima (2.5.1)
      jekyll (>= 3.5, < 5.0)
      jekyll-feed (~> 0.9)
      jekyll-seo-tag (~> 2.1)
    minimal-mistakes-jekyll (4.19.2)
      jekyll (>= 3.7, < 5.0)
      jekyll-feed (~> 0.1)
      jekyll-gist (~> 1.5)
      jekyll-include-cache (~> 0.1)
      jekyll-paginate (~> 1.1)
      jekyll-sitemap (~> 1.3)
    minitest (5.14.1)
    multi_json (1.14.1)
    multipart-post (2.1.1)
    net-http-persistent (2.9.4)
    net-http-pipeline (1.0.1)
    nokogiri (1.8.5)
      mini_portile2 (~> 2.3.0)
    octokit (4.18.0)
      faraday (>= 0.9)
      sawyer (~> 0.8.0, >= 0.5.3)
    parallel (1.19.1)
    pathutil (0.16.2)
      forwardable-extended (~> 2.6)
    public_suffix (4.0.5)
    pusher-client (0.6.2)
      json
      websocket (~> 1.0)
    rb-fsevent (0.10.4)
    rb-inotify (0.10.1)
      ffi (~> 1.0)
    rouge (3.19.0)
    safe_yaml (1.0.5)
    sass (3.7.4)
      sass-listen (~> 4.0.0)
    sass-listen (4.0.0)
      rb-fsevent (~> 0.9, >= 0.9.4)
      rb-inotify (~> 0.9, >= 0.9.7)
    sawyer (0.8.2)
      addressable (>= 2.3.5)
      faraday (> 0.8, < 2.0)
    thread_safe (0.3.6)
    travis (1.8.13)
      backports
      faraday (~> 0.9)
      faraday_middleware (~> 0.9, >= 0.9.1)
      gh (~> 0.13)
      highline (~> 1.6)
      launchy (~> 2.1)
      pusher-client (~> 0.4)
      typhoeus (~> 0.6, >= 0.6.8)
    typhoeus (0.8.0)
      ethon (>= 0.8.0)
    tzinfo (1.2.7)
      thread_safe (~> 0.1)
    tzinfo-data (1.2020.1)
      tzinfo (>= 1.0.0)
    wdm (0.1.1)
    websocket (1.2.8)
    yell (2.2.2)

PLATFORMS
  ruby

DEPENDENCIES
  html-proofer
  jekyll (~> 3.8.6)
  jekyll-feed (~> 0.6)
  jekyll-include-cache
  jemoji
  minima
  minimal-mistakes-jekyll
  travis (~> 1.8.10)
  tzinfo (~> 1.2)
  tzinfo-data
  wdm (~> 0.1.0)

BUNDLED WITH
   2.1.4
